GEM
  remote: https://rubygems.org/
  specs:
    bundler-audit (0.6.1)
      bundler (>= 1.2.0, < 3)
      thor (~> 0.18)
    jruby-jars (9.2.10.0)
    jruby-rack (1.1.21)
    mustermann (1.1.1)
      ruby2_keywords (~> 0.0.1)
    rack (2.2.6.2)
    rack-protection (2.0.8.1)
      rack
    rake (13.0.1)
    ruby2_keywords (0.0.2)
    rubyzip (1.3.0)
    sinatra (2.0.8.1)
      mustermann (~> 1.0)
      rack (~> 2.0)
      rack-protection (= 2.0.8.1)
      tilt (~> 2.0)
    thor (0.20.3)
    tilt (2.0.10)
    warbler (2.0.5)
      jruby-jars (>= 9.0.0.0)
      jruby-rack (>= 1.1.1, < 1.3)
      rake (>= 10.1.0)
      rubyzip (~> 1.0, < 1.4)

PLATFORMS
  java
  ruby

DEPENDENCIES
  bundler-audit
  rack
  sinatra
  warbler

RUBY VERSION
   ruby 2.5.7p0 (jruby 9.2.9.0)

BUNDLED WITH
   1.17.3
